GEM
  specs:

PLATFORMS
  x86_64-darwin-20

DEPENDENCIES

BUNDLED WITH
   2.2.22
